GIT
  remote: https://github.com/gadzorg/gram2_api_client_ruby.git
  revision: 08c7022fbd2080c542ae3715dd9b0a48e36834ee
  specs:
    gram_v2_client (2.0.0)
      activeresource (~> 4.0)

GEM
  remote: https://rubygems.org/
  specs:
    activeldap (4.0.6)
      activemodel (> 4.0.0)
      gettext
      gettext_i18n_rails
      locale
    activemodel (4.2.7)
      activesupport (= 4.2.7)
      builder (~> 3.1)
    activeresource (4.1.0)
      activemodel (~> 4.0)
      activesupport (~> 4.0)
      rails-observers (~> 0.1.2)
    activesupport (4.2.7)
      i18n (~> 0.7)
      json (~> 1.7, >= 1.7.7)
      minitest (~> 5.1)
      thread_safe (~> 0.3, >= 0.3.4)
      tzinfo (~> 1.1)
    addressable (2.3.8)
    amq-protocol (2.0.1)
    bogus (0.1.6)
      dependor (>= 0.0.4)
    builder (3.2.2)
    bunny (2.5.0)
      amq-protocol (>= 2.0.1)
    byebug (9.0.5)
    codeclimate-test-reporter (0.5.1)
      simplecov (>= 0.7.1, < 1.0.0)
    dependor (1.0.1)
    diff-lcs (1.2.5)
    docile (1.1.5)
    faraday (0.9.2)
      multipart-post (>= 1.2, < 3)
    faraday_middleware (0.10.0)
      faraday (>= 0.7.4, < 0.10)
    fast_gettext (1.1.0)
    gettext (3.2.2)
      locale (>= 2.0.5)
      text (>= 1.3.0)
    gettext_i18n_rails (1.7.2)
      fast_gettext (>= 0.9.0)
    gorg_message_sender (1.0.0)
      bunny (~> 2.2, >= 2.2.2)
      json-schema (~> 2.6)
    gorg_service (3.0.0)
      bunny (~> 2.2, >= 2.2.2)
      gorg_message_sender (~> 1)
      json-schema (~> 2.6)
    gram_v1_client (1.0.0)
      activeresource (~> 4.0)
    i18n (0.7.0)
    json (1.8.3)
    json-schema (2.6.2)
      addressable (~> 2.3.8)
    json_api_client (1.2.0)
      activemodel (>= 3.2.0)
      activesupport (>= 3.2.0)
      addressable (~> 2.2)
      faraday (~> 0.9)
      faraday_middleware (~> 0.9)
    locale (2.1.2)
    minitest (5.9.0)
    multipart-post (2.0.0)
    net-ldap (0.15.0)
    rails-observers (0.1.2)
      activemodel (~> 4.0)
    rspec (3.5.0)
      rspec-core (~> 3.5.0)
      rspec-expectations (~> 3.5.0)
      rspec-mocks (~> 3.5.0)
    rspec-core (3.5.2)
      rspec-support (~> 3.5.0)
    rspec-expectations (3.5.0)
      diff-lcs (>= 1.2.0, < 2.0)
      rspec-support (~> 3.5.0)
    rspec-mocks (3.5.0)
      diff-lcs (>= 1.2.0, < 2.0)
      rspec-support (~> 3.5.0)
    rspec-support (3.5.0)
    simplecov (0.11.2)
      docile (~> 1.1.0)
      json (~> 1.8)
      simplecov-html (~> 0.10.0)
    simplecov-html (0.10.0)
    text (1.3.1)
    thread_safe (0.3.5)
    tzinfo (1.2.2)
      thread_safe (~> 0.1)

PLATFORMS
  ruby

DEPENDENCIES
  activeldap
  bogus
  byebug
  codeclimate-test-reporter
  gorg_message_sender
  gorg_service
  gram_v1_client
  gram_v2_client!
  json_api_client
  net-ldap
  rspec

BUNDLED WITH
   1.12.5
