GIT
  remote: https://github.com/gadzorg/gram2_api_client_ruby.git
  revision: 4c3585c76140259d344494a7229795720faf2465
  specs:
    gram_v2_client (2.1.0)
      activeresource (~> 4.0)

GEM
  remote: https://rubygems.org/
  specs:
    activeldap (4.0.6)
      activemodel (> 4.0.0)
      gettext
      gettext_i18n_rails
      locale
    activemodel (4.2.7.1)
      activesupport (= 4.2.7.1)
      builder (~> 3.1)
    activeresource (4.1.0)
      activemodel (~> 4.0)
      activesupport (~> 4.0)
      rails-observers (~> 0.1.2)
    activesupport (4.2.7.1)
      i18n (~> 0.7)
      json (~> 1.7, >= 1.7.7)
      minitest (~> 5.1)
      thread_safe (~> 0.3, >= 0.3.4)
      tzinfo (~> 1.1)
    addressable (2.4.0)
    amq-protocol (2.0.1)
    bogus (0.1.6)
      dependor (>= 0.0.4)
    builder (3.2.2)
    bunny (2.6.0)
      amq-protocol (>= 2.0.1)
    byebug (9.0.6)
    codeclimate-test-reporter (0.6.0)
      simplecov (>= 0.7.1, < 1.0.0)
    dependor (1.0.1)
    diff-lcs (1.2.5)
    docile (1.1.5)
    fast_gettext (1.2.0)
    gettext (3.2.2)
      locale (>= 2.0.5)
      text (>= 1.3.0)
    gettext_i18n_rails (1.8.0)
      fast_gettext (>= 0.9.0)
    gorg_message_sender (1.4.5)
      bunny (~> 2.2, >= 2.2.2)
      json-schema (~> 2.6)
    gorg_service (4.1.0)
      bunny (~> 2.2, >= 2.2.2)
      gorg_message_sender (~> 1)
      json-schema (~> 2.6)
    gram_v1_client (1.0.0)
      activeresource (~> 4.0)
    i18n (0.7.0)
    json (1.8.3)
    json-schema (2.7.0)
      addressable (>= 2.4)
    locale (2.1.2)
    minitest (5.9.1)
    net-ldap (0.15.0)
    rails-observers (0.1.2)
      activemodel (~> 4.0)
    rspec (3.5.0)
      rspec-core (~> 3.5.0)
      rspec-expectations (~> 3.5.0)
      rspec-mocks (~> 3.5.0)
    rspec-core (3.5.4)
      rspec-support (~> 3.5.0)
    rspec-expectations (3.5.0)
      diff-lcs (>= 1.2.0, < 2.0)
      rspec-support (~> 3.5.0)
    rspec-mocks (3.5.0)
      diff-lcs (>= 1.2.0, < 2.0)
      rspec-support (~> 3.5.0)
    rspec-support (3.5.0)
    simplecov (0.12.0)
      docile (~> 1.1.0)
      json (>= 1.8, < 3)
      simplecov-html (~> 0.10.0)
    simplecov-html (0.10.0)
    text (1.3.1)
    thread_safe (0.3.5)
    tzinfo (1.2.2)
      thread_safe (~> 0.1)

PLATFORMS
  ruby

DEPENDENCIES
  activeldap
  bogus
  byebug
  codeclimate-test-reporter
  gorg_message_sender
  gorg_service
  gram_v1_client
  gram_v2_client!
  net-ldap
  rspec

BUNDLED WITH
   1.12.5
